GIT
  remote: git://github.com/dmcinnes/toto.git
  revision: 2bc0fba44ea3b6727b0e6fcbbb41e30f0e8de76d
  branch: master
  specs:
    toto (0.4.9)
      builder
      rack
      rdiscount

GEM
  remote: http://rubygems.org/
  specs:
    builder (3.2.2)
    haml (4.0.7)
      tilt
    rack (1.6.4)
    rdiscount (2.1.8)
    tilt (2.0.2)

PLATFORMS
  ruby

DEPENDENCIES
  builder
  haml
  rdiscount
  toto!

RUBY VERSION
   ruby 2.3.1p112

BUNDLED WITH
   1.12.1
