GEM
  remote: http://rubygems.org/
  specs:
    builder (3.2.2)
    haml (4.0.7)
      tilt
    rack (1.6.4)
    rdiscount (2.1.8)
    tilt (2.0.2)
    toto (0.4.9)
      builder
      rack
      rdiscount

PLATFORMS
  ruby

DEPENDENCIES
  builder
  haml
  rdiscount
  toto

BUNDLED WITH
   1.11.2
